GEM
  remote: https://rubygems.org/
  specs:
    actionmailer (4.2.6)
      actionpack (= 4.2.6)
      actionview (= 4.2.6)
      activejob (= 4.2.6)
      mail (~> 2.5, >= 2.5.4)
      rails-dom-testing (~> 1.0, >= 1.0.5)
    actionpack (4.2.6)
      actionview (= 4.2.6)
      activesupport (= 4.2.6)
      rack (~> 1.6)
      rack-test (~> 0.6.2)
      rails-dom-testing (~> 1.0, >= 1.0.5)
      rails-html-sanitizer (~> 1.0, >= 1.0.2)
    actionview (4.2.6)
      activesupport (= 4.2.6)
      builder (~> 3.1)
      erubis (~> 2.7.0)
      rails-dom-testing (~> 1.0, >= 1.0.5)
      rails-html-sanitizer (~> 1.0, >= 1.0.2)
    activejob (4.2.6)
      activesupport (= 4.2.6)
      globalid (>= 0.3.0)
    activemodel (4.2.6)
      activesupport (= 4.2.6)
      builder (~> 3.1)
    activerecord (4.2.6)
      activemodel (= 4.2.6)
      activesupport (= 4.2.6)
      arel (~> 6.0)
    activerecord_json_validator (1.0.0)
      activerecord (>= 4.2.0, < 5)
      json-schema (~> 2.5)
    activesupport (4.2.6)
      i18n (~> 0.7)
      json (~> 1.7, >= 1.7.7)
      minitest (~> 5.1)
      thread_safe (~> 0.3, >= 0.3.4)
      tzinfo (~> 1.1)
    addressable (2.3.8)
    airbrussh (1.0.2)
      sshkit (>= 1.6.1, != 1.7.0)
    annotate (2.7.1)
      activerecord (>= 3.2, < 6.0)
      rake (>= 10.4, < 12.0)
    ansi (1.5.0)
    arel (6.0.3)
    bcrypt (3.1.11)
    builder (3.2.2)
    byebug (9.0.5)
    capistrano (3.5.0)
      airbrussh (>= 1.0.0)
      capistrano-harrow
      i18n
      rake (>= 10.0.0)
      sshkit (>= 1.9.0)
    capistrano-bundler (1.1.4)
      capistrano (~> 3.1)
      sshkit (~> 1.2)
    capistrano-harrow (0.5.1)
    capistrano-passenger (0.2.0)
      capistrano (~> 3.0)
    capistrano-rails (1.1.7)
      capistrano (~> 3.1)
      capistrano-bundler (~> 1.1)
    capistrano-rbenv (2.0.4)
      capistrano (~> 3.1)
      sshkit (~> 1.3)
    carrierwave (0.11.2)
      activemodel (>= 3.2.0)
      activesupport (>= 3.2.0)
      json (>= 1.7)
      mime-types (>= 1.16)
      mimemagic (>= 0.3.0)
    closure_tree (6.0.0)
      activerecord (>= 4.1.0)
      with_advisory_lock (>= 3.0.0)
    coderay (1.1.1)
    concurrent-ruby (1.0.2)
    erubis (2.7.0)
    faraday (0.9.2)
      multipart-post (>= 1.2, < 3)
    ffi (1.9.10)
    formatador (0.2.5)
    globalid (0.3.6)
      activesupport (>= 4.1.0)
    guard (2.14.0)
      formatador (>= 0.2.4)
      listen (>= 2.7, < 4.0)
      lumberjack (~> 1.0)
      nenv (~> 0.1)
      notiffany (~> 0.0)
      pry (>= 0.9.12)
      shellany (~> 0.0)
      thor (>= 0.18.1)
    guard-compat (1.2.1)
    guard-minitest (2.4.5)
      guard-compat (~> 1.2)
      minitest (>= 3.0)
    i18n (0.7.0)
    jbuilder (2.5.0)
      activesupport (>= 3.0.0, < 5.1)
      multi_json (~> 1.2)
    json (1.8.3)
    json-schema (2.6.2)
      addressable (~> 2.3.8)
    jwt (1.5.1)
    listen (3.1.5)
      rb-fsevent (~> 0.9, >= 0.9.4)
      rb-inotify (~> 0.9, >= 0.9.7)
      ruby_dep (~> 1.2)
    loofah (2.0.3)
      nokogiri (>= 1.5.9)
    lumberjack (1.0.10)
    mail (2.6.4)
      mime-types (>= 1.16, < 4)
    method_source (0.8.2)
    mime-types (3.1)
      mime-types-data (~> 3.2015)
    mime-types-data (3.2016.0521)
    mimemagic (0.3.1)
    mini_magick (4.5.1)
    mini_portile2 (2.1.0)
    minitest (5.9.0)
    minitest-reporters (1.1.9)
      ansi
      builder
      minitest (>= 5.0)
      ruby-progressbar
    multi_json (1.12.1)
    multi_xml (0.5.5)
    multipart-post (2.0.0)
    nenv (0.3.0)
    net-scp (1.2.1)
      net-ssh (>= 2.6.5)
    net-ssh (3.2.0)
    nokogiri (1.6.8)
      mini_portile2 (~> 2.1.0)
      pkg-config (~> 1.1.7)
    notiffany (0.1.0)
      nenv (~> 0.1)
      shellany (~> 0.0)
    oauth (0.5.1)
    oauth2 (1.1.0)
      faraday (>= 0.8, < 0.10)
      jwt (~> 1.0, < 1.5.2)
      multi_json (~> 1.3)
      multi_xml (~> 0.5)
      rack (>= 1.2, < 3)
    pg (0.18.4)
    pg_search (1.0.6)
      activerecord (>= 3.1)
      activesupport (>= 3.1)
      arel
    pkg-config (1.1.7)
    pry (0.10.3)
      coderay (~> 1.1.0)
      method_source (~> 0.8.1)
      slop (~> 3.4)
    rack (1.6.4)
    rack-cors (0.4.0)
    rack-test (0.6.3)
      rack (>= 1.0)
    rails (4.2.6)
      actionmailer (= 4.2.6)
      actionpack (= 4.2.6)
      actionview (= 4.2.6)
      activejob (= 4.2.6)
      activemodel (= 4.2.6)
      activerecord (= 4.2.6)
      activesupport (= 4.2.6)
      bundler (>= 1.3.0, < 2.0)
      railties (= 4.2.6)
      sprockets-rails
    rails-api (0.4.0)
      actionpack (>= 3.2.11)
      railties (>= 3.2.11)
    rails-deprecated_sanitizer (1.0.3)
      activesupport (>= 4.2.0.alpha)
    rails-dom-testing (1.0.7)
      activesupport (>= 4.2.0.beta, < 5.0)
      nokogiri (~> 1.6.0)
      rails-deprecated_sanitizer (>= 1.0.1)
    rails-html-sanitizer (1.0.3)
      loofah (~> 2.0)
    railties (4.2.6)
      actionpack (= 4.2.6)
      activesupport (= 4.2.6)
      rake (>= 0.8.7)
      thor (>= 0.18.1, < 2.0)
    rake (11.2.2)
    rb-fsevent (0.9.7)
    rb-inotify (0.9.7)
      ffi (>= 0.5.0)
    ruby-progressbar (1.8.1)
    ruby_dep (1.3.1)
    shellany (0.0.1)
    slop (3.6.0)
    sorcery (0.9.1)
      bcrypt (~> 3.1)
      oauth (~> 0.4, >= 0.4.4)
      oauth2 (>= 0.8.0)
    spring (1.7.1)
    sprockets (3.6.1)
      concurrent-ruby (~> 1.0)
      rack (> 1, < 3)
    sprockets-rails (3.0.4)
      actionpack (>= 4.0)
      activesupport (>= 4.0)
      sprockets (>= 3.0.0)
    sshkit (1.11.1)
      net-scp (>= 1.1.2)
      net-ssh (>= 2.8.0)
    thor (0.19.1)
    thread_safe (0.3.5)
    tzinfo (1.2.2)
      thread_safe (~> 0.1)
    with_advisory_lock (3.0.0)
      activerecord (>= 3.2)
      thread_safe
    yaml_db (0.4.0)
      rails (>= 3.0, < 5.1)
      rake (>= 0.8.7)

PLATFORMS
  ruby

DEPENDENCIES
  activerecord_json_validator
  annotate
  byebug
  capistrano (~> 3.4)
  capistrano-bundler (~> 1.1.2)
  capistrano-passenger
  capistrano-rails (~> 1.1)
  capistrano-rbenv (~> 2.0)
  carrierwave
  closure_tree
  guard
  guard-minitest
  jbuilder (~> 2.0)
  jwt
  mini_magick
  minitest-reporters
  pg
  pg_search
  rack-cors
  rails (= 4.2.6)
  rails-api
  sorcery
  spring
  yaml_db

BUNDLED WITH
   1.12.5
